GEM
  remote: http://rubygems.org/
  specs:
    activemodel (3.2.8)
      activesupport (= 3.2.8)
      builder (~> 3.0.0)
    activesupport (3.2.8)
      i18n (~> 0.6)
      multi_json (~> 1.0)
    bson (1.7.0)
    bson_ext (1.7.0)
      bson (~> 1.7.0)
    builder (3.0.0)
    haml (3.1.7)
    i18n (0.6.1)
    mongo (1.3.1)
      bson (>= 1.3.1)
    mongo_ext (0.19.3)
    mongoid (2.4.12)
      activemodel (~> 3.1)
      mongo (<= 1.6.2)
      tzinfo (~> 0.3.22)
    multi_json (1.3.6)
    rack (1.4.1)
    rack-protection (1.2.0)
      rack
    sinatra (1.3.3)
      rack (~> 1.3, >= 1.3.6)
      rack-protection (~> 1.2)
      tilt (~> 1.3, >= 1.3.3)
    sinatra-mongoid (0.0.2)
      mongo_ext
      mongoid
      sinatra
    slim (1.2.2)
      temple (~> 0.4.0)
      tilt (~> 1.3.3)
    temple (0.4.0)
    tilt (1.3.3)
    tzinfo (0.3.33)

PLATFORMS
  ruby

DEPENDENCIES
  bson_ext
  haml
  mongoid (= 2.4.12)
  sinatra
  sinatra-mongoid
  slim
